PATH
  remote: .
  specs:
    allure-report-publisher (3.2.0)
      aws-sdk-s3 (>= 1.93.1, < 1.144.0)
      dry-cli (>= 0.6, < 1.1)
      faraday-retry (>= 1, < 3)
      gitlab (~> 4.17)
      google-cloud-storage (~> 1.31)
      mini_mime (~> 1.1)
      octokit (>= 4.21, < 9.0)
      parallel (~> 1.20)
      pastel (~> 0.8.0)
      require_all (~> 3.0.0)
      terminal-table (~> 3.0)
      tty-spinner (~> 0.9.3)

GEM
  remote: https://rubygems.org/
  specs:
    activesupport (7.1.3.2)
      base64
      bigdecimal
      concurrent-ruby (~> 1.0, >= 1.0.2)
      connection_pool (>= 2.2.5)
      drb
      i18n (>= 1.6, < 2)
      minitest (>= 5.1)
      mutex_m
      tzinfo (~> 2.0)
    addressable (2.8.6)
      public_suffix (>= 2.0.2, < 6.0)
    allure-rspec (2.24.1)
      allure-ruby-commons (= 2.24.1)
      rspec-core (>= 3.8, < 4)
    allure-ruby-commons (2.24.1)
      mime-types (>= 3.3, < 4)
      require_all (>= 2, < 4)
      rspec-expectations (~> 3.12)
      uuid (>= 2.3, < 3)
    ansi (1.5.0)
    ast (2.4.2)
    aws-eventstream (1.3.0)
    aws-partitions (1.883.0)
    aws-sdk-core (3.191.0)
      aws-eventstream (~> 1, >= 1.3.0)
      aws-partitions (~> 1, >= 1.651.0)
      aws-sigv4 (~> 1.8)
      jmespath (~> 1, >= 1.6.1)
    aws-sdk-kms (1.77.0)
      aws-sdk-core (~> 3, >= 3.191.0)
      aws-sigv4 (~> 1.1)
    aws-sdk-s3 (1.143.0)
      aws-sdk-core (~> 3, >= 3.191.0)
      aws-sdk-kms (~> 1)
      aws-sigv4 (~> 1.8)
    aws-sigv4 (1.8.0)
      aws-eventstream (~> 1, >= 1.0.2)
    backport (1.2.0)
    base64 (0.2.0)
    benchmark (0.3.0)
    bigdecimal (3.1.6)
    climate_control (1.2.0)
    concurrent-ruby (1.2.3)
    connection_pool (2.4.1)
    debug (1.9.1)
      irb (~> 1.10)
      reline (>= 0.3.8)
    declarative (0.0.20)
    diff-lcs (1.5.1)
    digest-crc (0.6.5)
      rake (>= 12.0.0, < 14.0.0)
    docile (1.4.0)
    drb (2.2.0)
      ruby2_keywords
    dry-cli (1.0.0)
    e2mmap (0.1.0)
    faraday (2.9.0)
      faraday-net_http (>= 2.0, < 3.2)
    faraday-net_http (3.1.0)
      net-http
    faraday-retry (2.2.0)
      faraday (~> 2.0)
    gitlab (4.19.0)
      httparty (~> 0.20)
      terminal-table (>= 1.5.1)
    google-apis-core (0.13.0)
      addressable (~> 2.5, >= 2.5.1)
      googleauth (~> 1.9)
      httpclient (>= 2.8.1, < 3.a)
      mini_mime (~> 1.0)
      representable (~> 3.0)
      retriable (>= 2.0, < 4.a)
      rexml
    google-apis-iamcredentials_v1 (0.18.0)
      google-apis-core (>= 0.12.0, < 2.a)
    google-apis-storage_v1 (0.33.0)
      google-apis-core (>= 0.12.0, < 2.a)
    google-cloud-core (1.6.1)
      google-cloud-env (>= 1.0, < 3.a)
      google-cloud-errors (~> 1.0)
    google-cloud-env (2.1.1)
      faraday (>= 1.0, < 3.a)
    google-cloud-errors (1.3.1)
    google-cloud-storage (1.49.0)
      addressable (~> 2.8)
      digest-crc (~> 0.4)
      google-apis-core (~> 0.13)
      google-apis-iamcredentials_v1 (~> 0.18)
      google-apis-storage_v1 (~> 0.33)
      google-cloud-core (~> 1.6)
      googleauth (~> 1.9)
      mini_mime (~> 1.0)
    googleauth (1.11.0)
      faraday (>= 1.0, < 3.a)
      google-cloud-env (~> 2.1)
      jwt (>= 1.4, < 3.0)
      multi_json (~> 1.11)
      os (>= 0.9, < 2.0)
      signet (>= 0.16, < 2.a)
    httparty (0.21.0)
      mini_mime (>= 1.0.0)
      multi_xml (>= 0.5.2)
    httpclient (2.8.3)
    i18n (1.14.1)
      concurrent-ruby (~> 1.0)
    io-console (0.7.1)
    irb (1.11.0)
      rdoc
      reline (>= 0.3.8)
    jaro_winkler (1.5.6)
    jmespath (1.6.2)
    json (2.7.1)
    jwt (2.8.0)
      base64
    kramdown (2.4.0)
      rexml
    kramdown-parser-gfm (1.1.0)
      kramdown (~> 2.0)
    language_server-protocol (3.17.0.3)
    macaddr (1.7.2)
      systemu (~> 2.6.5)
    mime-types (3.5.2)
      mime-types-data (~> 3.2015)
    mime-types-data (3.2024.0206)
    mini_mime (1.1.5)
    mini_portile2 (2.8.5)
    minitest (5.22.2)
    multi_json (1.15.0)
    multi_xml (0.6.0)
    mutex_m (0.2.0)
    net-http (0.4.1)
      uri
    nokogiri (1.16.2)
      mini_portile2 (~> 2.8.2)
      racc (~> 1.4)
    octokit (8.1.0)
      base64
      faraday (>= 1, < 3)
      sawyer (~> 0.9)
    os (1.1.4)
    parallel (1.24.0)
    parser (3.3.0.5)
      ast (~> 2.4.1)
      racc
    pastel (0.8.0)
      tty-color (~> 0.5)
    psych (5.1.2)
      stringio
    public_suffix (5.0.4)
    racc (1.7.3)
    rainbow (3.1.1)
    rake (13.1.0)
    rbs (2.8.4)
    rdoc (6.6.2)
      psych (>= 4.0.0)
    regexp_parser (2.9.0)
    reline (0.4.1)
      io-console (~> 0.5)
    representable (3.2.0)
      declarative (< 0.1.0)
      trailblazer-option (>= 0.1.1, < 0.2.0)
      uber (< 0.2.0)
    require_all (3.0.0)
    retriable (3.1.2)
    reverse_markdown (2.1.1)
      nokogiri
    rexml (3.2.6)
    rspec (3.13.0)
      rspec-core (~> 3.13.0)
      rspec-expectations (~> 3.13.0)
      rspec-mocks (~> 3.13.0)
    rspec-core (3.13.0)
      rspec-support (~> 3.13.0)
    rspec-expectations (3.13.0)
      diff-lcs (>= 1.2.0, < 2.0)
      rspec-support (~> 3.13.0)
    rspec-mocks (3.13.0)
      diff-lcs (>= 1.2.0, < 2.0)
      rspec-support (~> 3.13.0)
    rspec-support (3.13.1)
    rubocop (1.62.1)
      json (~> 2.3)
      language_server-protocol (>= 3.17.0)
      parallel (~> 1.10)
      parser (>= 3.3.0.2)
      rainbow (>= 2.2.2, < 4.0)
      regexp_parser (>= 1.8, < 3.0)
      rexml (>= 3.2.5, < 4.0)
      rubocop-ast (>= 1.31.1, < 2.0)
      ruby-progressbar (~> 1.7)
      unicode-display_width (>= 2.4.0, < 3.0)
    rubocop-ast (1.31.2)
      parser (>= 3.3.0.4)
    rubocop-capybara (2.20.0)
      rubocop (~> 1.41)
    rubocop-factory_bot (2.25.1)
      rubocop (~> 1.41)
    rubocop-performance (1.20.2)
      rubocop (>= 1.48.1, < 2.0)
      rubocop-ast (>= 1.30.0, < 2.0)
    rubocop-rake (0.6.0)
      rubocop (~> 1.0)
    rubocop-rspec (2.27.1)
      rubocop (~> 1.40)
      rubocop-capybara (~> 2.17)
      rubocop-factory_bot (~> 2.22)
    ruby-progressbar (1.13.0)
    ruby2_keywords (0.0.5)
    sawyer (0.9.2)
      addressable (>= 2.3.5)
      faraday (>= 0.17.3, < 3)
    semver2 (3.4.2)
    signet (0.19.0)
      addressable (~> 2.8)
      faraday (>= 0.17.5, < 3.a)
      jwt (>= 1.5, < 3.0)
      multi_json (~> 1.10)
    simplecov (0.22.0)
      docile (~> 1.1)
      simplecov-html (~> 0.11)
      simplecov_json_formatter (~> 0.1)
    simplecov-console (0.9.1)
      ansi
      simplecov
      terminal-table
    simplecov-html (0.12.3)
    simplecov_json_formatter (0.1.4)
    solargraph (0.50.0)
      backport (~> 1.2)
      benchmark
      bundler (~> 2.0)
      diff-lcs (~> 1.4)
      e2mmap
      jaro_winkler (~> 1.5)
      kramdown (~> 2.3)
      kramdown-parser-gfm (~> 1.1)
      parser (~> 3.0)
      rbs (~> 2.0)
      reverse_markdown (~> 2.0)
      rubocop (~> 1.38)
      thor (~> 1.0)
      tilt (~> 2.0)
      yard (~> 0.9, >= 0.9.24)
    stringio (3.1.0)
    systemu (2.6.5)
    terminal-table (3.0.2)
      unicode-display_width (>= 1.1.1, < 3)
    thor (1.3.0)
    tilt (2.3.0)
    trailblazer-option (0.1.2)
    tty-color (0.6.0)
    tty-cursor (0.7.1)
    tty-spinner (0.9.3)
      tty-cursor (~> 0.7)
    tzinfo (2.0.6)
      concurrent-ruby (~> 1.0)
    uber (0.1.0)
    unicode-display_width (2.5.0)
    uri (0.13.0)
    uuid (2.3.9)
      macaddr (~> 1.0)
    yard (0.9.36)

PLATFORMS
  ruby

DEPENDENCIES
  activesupport (~> 7.1)
  allure-report-publisher!
  allure-rspec (~> 2.24.1)
  climate_control (~> 1.2.0)
  debug (~> 1.9)
  rake (~> 13.1)
  rspec (~> 3.13)
  rubocop (~> 1.62)
  rubocop-performance (~> 1.20)
  rubocop-rake (~> 0.6.0)
  rubocop-rspec (~> 2.27)
  semver2 (~> 3.4)
  simplecov (~> 0.22.0)
  simplecov-console (~> 0.9.1)
  solargraph (~> 0.50.0)
  yard (~> 0.9.36)

BUNDLED WITH
   2.4.12
