PATH
  remote: .
  specs:
    allure-report-publisher (0.0.2)
      aws-sdk-s3 (>= 1.93.1, < 1.95.0)
      dry-cli (~> 0.6.0)
      octokit (~> 4.21)
      parallel (~> 1.20)
      pastel (~> 0.8.0)
      require_all (~> 3.0.0)
      tty-spinner (~> 0.9.3)

GEM
  remote: https://rubygems.org/
  specs:
    addressable (2.7.0)
      public_suffix (>= 2.0.2, < 5.0)
    allure-rspec (2.13.9)
      allure-ruby-commons (= 2.13.9)
      rspec-core (>= 3.8, < 4)
      ruby2_keywords (~> 0.0.2)
    allure-ruby-commons (2.13.9)
      mime-types (>= 3.3, < 4)
      oj (>= 3.10, < 4)
      require_all (>= 2, < 4)
      uuid (>= 2.3, < 3)
    ansi (1.5.0)
    ast (2.4.2)
    aws-eventstream (1.1.1)
    aws-partitions (1.448.0)
    aws-sdk-core (3.114.0)
      aws-eventstream (~> 1, >= 1.0.2)
      aws-partitions (~> 1, >= 1.239.0)
      aws-sigv4 (~> 1.1)
      jmespath (~> 1.0)
    aws-sdk-kms (1.43.0)
      aws-sdk-core (~> 3, >= 3.112.0)
      aws-sigv4 (~> 1.1)
    aws-sdk-s3 (1.94.0)
      aws-sdk-core (~> 3, >= 3.112.0)
      aws-sdk-kms (~> 1)
      aws-sigv4 (~> 1.1)
    aws-sigv4 (1.2.3)
      aws-eventstream (~> 1, >= 1.0.2)
    backport (1.1.2)
    benchmark (0.1.1)
    byebug (11.1.3)
    climate_control (1.0.0)
    coderay (1.1.3)
    concurrent-ruby (1.1.8)
    diff-lcs (1.4.4)
    docile (1.3.5)
    dry-cli (0.6.0)
      concurrent-ruby (~> 1.0)
    e2mmap (0.1.0)
    faraday (1.4.1)
      faraday-excon (~> 1.1)
      faraday-net_http (~> 1.0)
      faraday-net_http_persistent (~> 1.1)
      multipart-post (>= 1.2, < 3)
      ruby2_keywords (>= 0.0.4)
    faraday-excon (1.1.0)
    faraday-net_http (1.0.1)
    faraday-net_http_persistent (1.1.0)
    git (1.8.1)
      rchardet (~> 1.8)
    jaro_winkler (1.5.4)
    jmespath (1.4.0)
    kramdown (2.3.1)
      rexml
    kramdown-parser-gfm (1.1.0)
      kramdown (~> 2.0)
    macaddr (1.7.2)
      systemu (~> 2.6.5)
    method_source (1.0.0)
    mime-types (3.3.1)
      mime-types-data (~> 3.2015)
    mime-types-data (3.2021.0225)
    multipart-post (2.1.1)
    nokogiri (1.11.3-x86_64-darwin)
      racc (~> 1.4)
    nokogiri (1.11.3-x86_64-linux)
      racc (~> 1.4)
    octokit (4.21.0)
      faraday (>= 0.9)
      sawyer (~> 0.8.0, >= 0.5.3)
    oj (3.11.5)
    parallel (1.20.1)
    parser (3.0.1.0)
      ast (~> 2.4.1)
    pastel (0.8.0)
      tty-color (~> 0.5)
    pry (0.13.1)
      coderay (~> 1.1)
      method_source (~> 1.0)
    pry-byebug (3.9.0)
      byebug (~> 11.0)
      pry (~> 0.13.0)
    public_suffix (4.0.6)
    racc (1.5.2)
    rainbow (3.0.0)
    rake (13.0.3)
    rchardet (1.8.0)
    regexp_parser (2.1.1)
    require_all (3.0.0)
    reverse_markdown (2.0.0)
      nokogiri
    rexml (3.2.5)
    rspec (3.10.0)
      rspec-core (~> 3.10.0)
      rspec-expectations (~> 3.10.0)
      rspec-mocks (~> 3.10.0)
    rspec-core (3.10.1)
      rspec-support (~> 3.10.0)
    rspec-expectations (3.10.1)
      diff-lcs (>= 1.2.0, < 2.0)
      rspec-support (~> 3.10.0)
    rspec-mocks (3.10.2)
      diff-lcs (>= 1.2.0, < 2.0)
      rspec-support (~> 3.10.0)
    rspec-support (3.10.2)
    rubocop (1.13.0)
      parallel (~> 1.10)
      parser (>= 3.0.0.0)
      rainbow (>= 2.2.2, < 4.0)
      regexp_parser (>= 1.8, < 3.0)
      rexml
      rubocop-ast (>= 1.2.0, < 2.0)
      ruby-progressbar (~> 1.7)
      unicode-display_width (>= 1.4.0, < 3.0)
    rubocop-ast (1.4.1)
      parser (>= 2.7.1.5)
    rubocop-performance (1.11.0)
      rubocop (>= 1.7.0, < 2.0)
      rubocop-ast (>= 0.4.0)
    rubocop-rake (0.5.1)
      rubocop
    rubocop-rspec (2.3.0)
      rubocop (~> 1.0)
      rubocop-ast (>= 1.1.0)
    ruby-progressbar (1.11.0)
    ruby2_keywords (0.0.4)
    sawyer (0.8.2)
      addressable (>= 2.3.5)
      faraday (> 0.8, < 2.0)
    semver2 (3.4.2)
    simplecov (0.21.2)
      docile (~> 1.1)
      simplecov-html (~> 0.11)
      simplecov_json_formatter (~> 0.1)
    simplecov-console (0.9.1)
      ansi
      simplecov
      terminal-table
    simplecov-html (0.12.3)
    simplecov_json_formatter (0.1.2)
    solargraph (0.40.4)
      backport (~> 1.1)
      benchmark
      bundler (>= 1.17.2)
      e2mmap
      jaro_winkler (~> 1.5)
      kramdown (~> 2.3)
      kramdown-parser-gfm (~> 1.1)
      parser (~> 3.0)
      reverse_markdown (>= 1.0.5, < 3)
      rubocop (>= 0.52)
      thor (~> 1.0)
      tilt (~> 2.0)
      yard (~> 0.9, >= 0.9.24)
    systemu (2.6.5)
    terminal-table (1.6.0)
    thor (1.1.0)
    tilt (2.0.10)
    tty-color (0.6.0)
    tty-cursor (0.7.1)
    tty-spinner (0.9.3)
      tty-cursor (~> 0.7)
    unicode-display_width (2.0.0)
    uuid (2.3.9)
      macaddr (~> 1.0)
    yard (0.9.26)

PLATFORMS
  x86_64-darwin-20
  x86_64-linux

DEPENDENCIES
  allure-report-publisher!
  allure-rspec (~> 2.13.9)
  climate_control (~> 1.0.0)
  git (~> 1.8)
  pry-byebug (~> 3.9)
  rake (~> 13.0)
  rspec (~> 3.0)
  rubocop (~> 1.13)
  rubocop-performance (~> 1.11)
  rubocop-rake (~> 0.5.1)
  rubocop-rspec (~> 2.3)
  semver2 (~> 3.4)
  simplecov (~> 0.21.2)
  simplecov-console (~> 0.9.1)
  solargraph (~> 0.40.4)
  yard (~> 0.9.26)

BUNDLED WITH
   2.2.15
